FRAMEWORK: NET45
NUGET
  remote: https://www.nuget.org/api/v2
    Argu (3.7)
    Expecto (2.3.1)
      Argu (>= 3.2)
      FSharp.Core (>= 3.1.2.5)
    FAKE (4.47.2)
    FSharp.Core (4.0.0.1)
    Microsoft.AspNet.WebApi.Client (5.2.3)
      Newtonsoft.Json (>= 6.0.4)
    Microsoft.AspNet.WebApi.Core (5.2.3)
      Microsoft.AspNet.WebApi.Client (>= 5.2.3)
    Newtonsoft.Json (9.0.1)
